ObjectType = Image
NDims = 3
BinaryData = True
BinaryDataByteOrderMSB = False
CompressedData = True
CompressedDataSize = 3128
TransformMatrix = 1 0 0 0 1 0 0 0 1
Offset = 0 0 0
CenterOfRotation = 0 0 0
ElementSpacing = 0.8203125 0.8203125 1.0
DimSize = 512 512 11
AnatomicalOrientation = ???
ElementType = MET_UCHAR
ElementDataFile = axial.zraw
